GIT
  remote: git@github.com:pivotal-cf/vara.git
  revision: 3f0d5f1d52066ed1c3ba39a7c154658cfe9d4e90
  specs:
    vara (0.12.0)
      open4
      thor

GEM
  remote: https://rubygems.org/
  specs:
    open4 (1.3.4)
    thor (0.19.1)

PLATFORMS
  ruby

DEPENDENCIES
  vara (= 0.12.0)!
